GEM
  remote: https://rubygems.org/
  specs:
    concurrent-ruby (1.3.5)
    date (3.4.1)
    diff-lcs (1.6.2)
    dotenv (3.1.8)
    et-orbi (1.2.11)
      tzinfo
    fileutils (1.7.3)
    fugit (1.11.1)
      et-orbi (~> 1, >= 1.2.11)
      raabro (~> 1.4)
    json (2.12.2)
    logger (1.5.3)
    pg (1.5.9)
    raabro (1.4.0)
    rack (3.1.16)
    rack-test (2.2.0)
      rack (>= 1.3)
    rackup (2.2.1)
      rack (>= 3)
    rake (13.3.0)
    rspec (3.13.1)
      rspec-core (~> 3.13.0)
      rspec-expectations (~> 3.13.0)
      rspec-mocks (~> 3.13.0)
    rspec-core (3.13.5)
      rspec-support (~> 3.13.0)
    rspec-expectations (3.13.5)
      diff-lcs (>= 1.2.0, < 2.0)
      rspec-support (~> 3.13.0)
    rspec-mocks (3.13.5)
      diff-lcs (>= 1.2.0, < 2.0)
      rspec-support (~> 3.13.0)
    rspec-support (3.13.4)
    rufus-scheduler (3.9.2)
      fugit (~> 1.1, >= 1.11.1)
    tzinfo (2.0.6)
      concurrent-ruby (~> 1.0)
    webrick (1.9.1)

PLATFORMS
  x86_64-linux-gnu

DEPENDENCIES
  date
  dotenv
  fileutils
  json
  logger
  pg
  rack
  rack-test
  rackup
  rake
  rspec
  rufus-scheduler
  webrick

BUNDLED WITH
   2.4.20
