GEM
  remote: https://rubygems.org/
  specs:
    concurrent-ruby (1.3.5)
    date (3.4.1)
    dotenv (3.1.8)
    et-orbi (1.2.11)
      tzinfo
    fileutils (1.7.3)
    fugit (1.11.1)
      et-orbi (~> 1, >= 1.2.11)
      raabro (~> 1.4)
    json (2.12.2)
    logger (1.5.3)
    pg (1.5.9)
    raabro (1.4.0)
    rack (3.1.16)
    rackup (2.2.1)
      rack (>= 3)
    rufus-scheduler (3.9.2)
      fugit (~> 1.1, >= 1.11.1)
    tzinfo (2.0.6)
      concurrent-ruby (~> 1.0)
    webrick (1.9.1)

PLATFORMS
  x86_64-linux-gnu

DEPENDENCIES
  date
  dotenv
  fileutils
  json
  logger
  pg
  rack
  rackup
  rufus-scheduler
  webrick

BUNDLED WITH
   2.4.20
